##TITLE= Parameter file, TopSpin 3.5.b.100 pl 8
##JCAMPDX= 5.0
##DATATYPE= Parameter Values
##NPOINTS= 5121	$$ modification sequence number
##ORIGIN= Bruker BioSpin GmbH
##OWNER= nmrsu
$$ 2018-08-15 09:18:49.445 -0400  chenggp@14t.nmr.mgh.harvard.edu
$$ /opt/topspin3.5.b.100pl8/conf/instr/spect/specpar
$$ process /opt/topspin3.5.b.100pl8/prog/mod/hconfserver
##$ANCIEN= (0..7)
0 0 0 0 0 0 0 0
##$BF1= 100.13
##$BF2= 100.13
##$BF3= 100.13
##$DEC= 1
##$DECB= 1
##$DEF19F= yes
##$DEFRSEL= yes
##$HPMOD= (0..7)
0 0 0 0 0 0 0 0
##$HPPRECH= (0..15)
-1 -1 -1 -1 -1 -1 -1 -1 -1 -1 -1 -1 -1 -1 -1 -1
##$HPSELECT= no
##$LOCSW19F= -1
##$LOCSW2H= -1
##$NUC1= 52
##$NUC2= 1
##$NUC3= 0
##$NUC4= 0
##$NUC5= 0
##$NUC6= 0
##$NUC7= 0
##$NUC8= 0
##$NUCARR= (0..123)
600.083 600.083 92.116394165 640.072375098 457.13708455 88.308730351 233.215038952
84.322541005 64.470865236 192.530473698 150.890990367 43.363899843 60.805882317
81.349993859 564.642164029 47.372328266 158.733355077 36.734890957 156.362781193
119.219611765 242.918051016 46.06237108 58.795586264 48.941119252 28.00211109
15.369955883 40.385759924 145.77064415 33.829883153 33.838902401 59.830129356
157.839519447 33.919667572 148.755883051 19.429355356 142.382137471 53.623722922
159.114845843 170.445733065 37.546011146 144.028045124 183.005536264 20.932785301
102.74989577 114.444907356 31.310662709 150.344674803 162.06152341 23.088793508
57.937671603 196.349881977 26.006529072 29.405255164 55.785503927 146.877335221
39.106965049 39.927692567 135.068637911 27.634728275 30.972497936 19.121326751
27.460398163 24.29027369 27.925060432 127.310488848 133.177470335 131.212678577
131.493961482 196.339650562 213.823128775 223.774743225 143.603324379 77.76605815
157.040172886 189.324800308 120.061522213 166.884198454 49.470368454 78.707738398
59.614987599 66.68679173 79.176751269 84.765570282 183.7454146 32.7045235
20.1627888 25.0234611 20.6428552 149.1806338 65.8891134 18.4225481 24.1833449
144.2599532 20.6428552 28.9240006 128.0577122 17.2823904 49.7468807 105.010360424
28.93000143 68.43346532 48.79274873 24.04532581 15.10408911 71.947551368
25.001780101 135.166295418 136.528483828 13.695880335 46.598845282 10.30942594
11.22755293 128.998546331 10.37543507 107.479797982 39.674985614 342.786612256
346.150905586 125.540958097 96.429065509 11.049928362 21.7830129 100 100
##$NUCOFFS= (0..127)
<31P> <1H> <2H> <13C> <17O> <89Y> <> <> <> <> <> <> <> <> <> <> <> <> <>
<> <> <> <> <> <> <> <> <> <> <> <> <> <> <> <> <> <> <> <> <> <> <> <>
<> <> <> <> <> <> <> <> <> <> <> <> <> <> <> <> <> <> <> <> <> <> <> <>
<> <> <> <> <> <> <> <> <> <> <> <> <> <> <> <> <> <> <> <> <> <> <> <>
<> <> <> <> <> <> <> <> <> <> <> <> <> <> <> <> <> <> <> <> <> <> <> <>
<> <> <> <> <> <> <> <> <> <> <> <> <>
##$OBS= 1
##$OFFS= (0..127)
0 0 0 0 0 15000 0 0 0 0 0 0 0 0 0 0 0 0 0 0 0 0 0 0 0 0 0 0 0 0 0 0 0 0
0 0 0 0 0 0 0 0 0 0 0 0 0 0 0 0 0 0 0 0 0 0 0 0 0 0 0 0 0 0 0 0 0 0 0 0
0 0 0 0 0 0 0 0 0 0 0 0 0 0 0 0 0 0 0 0 0 0 0 0 0 0 0 0 0 0 0 0 0 0 0 0
0 0 0 0 0 0 0 0 0 0 0 0 0 0 0 0 0 0 0 0 0 0
##$OFFSF= (0..7)
0 0 0 0 0 0 0 0
##$OFFSH= (0..7)
0 0 0 0 0 0 0 0
##$OFFSX= (0..7)
0 0 0 0 0 0 0 0
##$OFFSXAS= (0..7)
0 0 0 0 0 0 0 0
##$OFSF1= 0
##$OFSF2= 0
##$OFSH1= 0
##$OFSH2= 0
##$OFSH3= 0
##$OFSX1= 0
##$OFSX2= 0
##$OFSY= 0
##$PACOIL= (0..15)
0 0 0 0 0 0 0 0 0 0 0 0 0 0 0 0
##$PRECHAN= (0..15)
-1 2 3 0 -1 1 -1 -1 -1 -1 -1 -1 -1 -1 -1 -1
##$RECPRE= (0..15)
-1 0 -1 -1 -1 -1 -1 -1 -1 -1 -1 -1 -1 -1 -1 -1
##$RECPRFX= (0..15)
1 0 0 0 0 0 0 0 0 0 0 0 0 0 0 0
##$RECSEL= (0..15)
0 0 0 1 0 0 0 0 0 0 0 0 0 0 0 0
##$SELREC= (0..9)
0 0 0 0 0 0 0 0 0 0
##$SFO1= 29.420255
##$SFO2= 600.0854
##$SFO3= 600.083
##$SFO4= 600.098089
##$SFO5= 600.098089
##$SFO6= 600.098089
##$SFO7= 600.098089
##$SFO8= 600.098089
##$TY= (0..123)
0 0 0 0 0 0 0 0 0 0 0 0 0 0 0 0 0 0 0 0 0 0 0 0 0 0 0 0 0 0 0 0 0 0 0 0
0 0 0 0 0 0 0 0 0 0 0 0 0 0 0 0 0 0 0 0 0 0 0 0 0 0 0 0 0 0 0 0 0 0 0 0
0 0 0 0 0 0 0 0 0 0 0 0 0 0 0 0 0 0 0 0 0 0 0 0 0 0 0 0 0 0 0 0 0 0 0 0
0 0 0 0 0 0 0 0 0 0 0 0 0 0 0 0
##END=
